GEM
  remote: https://rubygems.org/
  specs:
    activesupport (6.0.3.2)
      concurrent-ruby (~> 1.0, >= 1.0.2)
      i18n (>= 0.7, < 2)
      minitest (~> 5.1)
      tzinfo (~> 1.1)
      zeitwerk (~> 2.2, >= 2.2.2)
    beefcake (1.2.0)
    bson (4.10.0)
    cassandra-driver (3.2.4)
      ione (~> 1.2)
    cert_validator (0.0.1)
    concurrent-ruby (1.1.7)
    ethon (0.12.0)
      ffi (>= 1.3.0)
    faraday (1.0.1)
      multipart-post (>= 1.2, < 3)
    faraday_middleware (1.0.0)
      faraday (~> 1.0)
    faraday_middleware-multi_json (0.0.6)
      faraday_middleware
      multi_json
    ffi (1.13.1)
    httpclient (2.8.3)
    i18n (0.9.5)
      concurrent-ruby (~> 1.0)
    innertube (1.1.0)
    ione (1.2.4)
    json (2.3.1)
    minitest (5.14.1)
    mongo (2.13.0)
      bson (>= 4.8.2, < 5.0.0)
    multi_json (1.15.0)
    multipart-post (2.1.1)
    neo4j-core (9.0.0)
      activesupport (>= 4.0)
      faraday (>= 0.9.0)
      faraday_middleware (>= 0.10.0)
      faraday_middleware-multi_json
      httpclient
      json
      multi_json
      net_tcp_client (>= 2.0.1)
      typhoeus (>= 1.1.2)
    net_tcp_client (2.2.0)
    riak-client (2.6.0)
      beefcake (~> 1.1)
      cert_validator (~> 0.0.1)
      i18n (~> 0.6)
      innertube (~> 1.0)
      multi_json (~> 1.0)
    thread_safe (0.3.6)
    typhoeus (1.4.0)
      ethon (>= 0.9.0)
    tzinfo (1.2.10)
      thread_safe (~> 0.1)
    zeitwerk (2.4.0)

PLATFORMS
  ruby

DEPENDENCIES
  cassandra-driver
  minitest
  mongo
  neo4j-core
  riak-client

BUNDLED WITH
   2.1.4
