GEM
  remote: https://rubygems.org/
  specs:
    activesupport (5.1.1)
      concurrent-ruby (~> 1.0, >= 1.0.2)
      i18n (~> 0.7)
      minitest (~> 5.1)
      tzinfo (~> 1.1)
    beefcake (1.2.0)
    bson (4.2.1)
    cassandra-driver (3.2.0)
      ione (~> 1.2)
    cert_validator (0.0.1)
    concurrent-ruby (1.0.5)
    ethon (0.10.1)
      ffi (>= 1.3.0)
    faraday (0.12.1)
      multipart-post (>= 1.2, < 3)
    faraday_middleware (0.10.1)
      faraday (>= 0.7.4, < 1.0)
    faraday_middleware-multi_json (0.0.6)
      faraday_middleware
      multi_json
    ffi (1.9.18)
    httpclient (2.8.3)
    i18n (0.8.4)
    innertube (1.1.0)
    ione (1.2.4)
    json (2.1.0)
    minitest (5.10.2)
    mongo (2.4.2)
      bson (>= 4.2.1, < 5.0.0)
    multi_json (1.12.1)
    multipart-post (2.0.0)
    neo4j-core (7.2.1)
      activesupport (>= 4.0)
      faraday (>= 0.9.0)
      faraday_middleware (~> 0.10.0)
      faraday_middleware-multi_json
      httpclient
      json
      multi_json
      neo4j-rake_tasks (>= 0.3.0)
      typhoeus (>= 1.1.2)
    neo4j-rake_tasks (0.7.12)
      os
      rake
      ruby-progressbar
      rubyzip (>= 1.1.7)
    os (1.0.0)
    rake (12.0.0)
    riak-client (2.6.0)
      beefcake (~> 1.1)
      cert_validator (~> 0.0.1)
      i18n (~> 0.6)
      innertube (~> 1.0)
      multi_json (~> 1.0)
    ruby-progressbar (1.8.1)
    rubyzip (1.2.1)
    thread_safe (0.3.6)
    typhoeus (1.1.2)
      ethon (>= 0.9.0)
    tzinfo (1.2.3)
      thread_safe (~> 0.1)

PLATFORMS
  ruby

DEPENDENCIES
  cassandra-driver
  minitest
  mongo
  neo4j-core
  riak-client

BUNDLED WITH
   1.15.1
