GEM
  remote: https://rubygems.org/
  specs:
    beefcake (1.1.0)
    bson (4.0.2)
    cert_validator (0.0.1)
    i18n (0.7.0)
    innertube (1.0.2)
    minitest (5.8.3)
    mongo (2.2.3)
      bson (~> 4.0)
    multi_json (1.12.1)
    riak-client (2.3.2)
      beefcake (~> 1.1)
      cert_validator (~> 0.0.1)
      i18n (>= 0.6.8)
      innertube (~> 1.0.2)
      multi_json (~> 1.0)

PLATFORMS
  ruby

DEPENDENCIES
  minitest (~> 5.8, >= 5.8.3)
  mongo (~> 2.2.3)
  riak-client (~> 2.3.0)
