GEM
  remote: https://rubygems.org/
  specs:
    beefcake (1.1.0)
    bson (4.1.1)
    cassandra-driver (3.0.0)
      ione (~> 1.2)
    cert_validator (0.0.1)
    i18n (0.7.0)
    innertube (1.0.2)
    ione (1.2.3)
    minitest (5.9.0)
    mongo (2.2.5)
      bson (~> 4.0)
    multi_json (1.12.1)
    riak-client (2.3.2)
      beefcake (~> 1.1)
      cert_validator (~> 0.0.1)
      i18n (>= 0.6.8)
      innertube (~> 1.0.2)
      multi_json (~> 1.0)

PLATFORMS
  ruby

DEPENDENCIES
  cassandra-driver
  minitest
  mongo
  riak-client
