GEM
  remote: https://rubygems.org/
  specs:
    activesupport (4.2.6)
      i18n (~> 0.7)
      json (~> 1.7, >= 1.7.7)
      minitest (~> 5.1)
      thread_safe (~> 0.3, >= 0.3.4)
      tzinfo (~> 1.1)
    beefcake (1.1.0)
    bson (4.1.1)
    cassandra-driver (3.0.0)
      ione (~> 1.2)
    cert_validator (0.0.1)
    colored (1.2)
    faraday (0.9.2)
      multipart-post (>= 1.2, < 3)
    faraday_middleware (0.10.0)
      faraday (>= 0.7.4, < 0.10)
    faraday_middleware-multi_json (0.0.6)
      faraday_middleware
      multi_json
    httparty (0.13.7)
      json (~> 1.8)
      multi_xml (>= 0.5.2)
    httpclient (2.8.0)
    i18n (0.7.0)
    innertube (1.0.2)
    ione (1.2.3)
    json (1.8.3)
    minitest (5.9.0)
    mongo (2.2.5)
      bson (~> 4.0)
    multi_json (1.12.1)
    multi_xml (0.5.5)
    multipart-post (2.0.0)
    neo4j-core (6.1.4)
      activesupport
      faraday (~> 0.9.0)
      faraday_middleware (~> 0.10.0)
      faraday_middleware-multi_json
      httparty
      httpclient
      json
      multi_json
      neo4j-rake_tasks (>= 0.3.0)
      net-http-persistent
    neo4j-rake_tasks (0.5.4)
      colored
      httparty
      os
      rake
      rubyzip (>= 1.1.7)
    net-http-persistent (2.9.4)
    os (0.9.6)
    rake (11.1.2)
    riak-client (2.3.2)
      beefcake (~> 1.1)
      cert_validator (~> 0.0.1)
      i18n (>= 0.6.8)
      innertube (~> 1.0.2)
      multi_json (~> 1.0)
    rubyzip (1.2.0)
    thread_safe (0.3.5)
    tzinfo (1.2.2)
      thread_safe (~> 0.1)

PLATFORMS
  ruby

DEPENDENCIES
  cassandra-driver
  minitest
  mongo
  neo4j-core
  riak-client

BUNDLED WITH
   1.12.4
